GEM
  remote: https://rubygems.org/
  specs:
    actionmailer (3.2.8)
      actionpack (= 3.2.8)
      mail (~> 2.4.4)
    actionpack (3.2.8)
      activemodel (= 3.2.8)
      activesupport (= 3.2.8)
      builder (~> 3.0.0)
      erubis (~> 2.7.0)
      journey (~> 1.0.4)
      rack (~> 1.4.0)
      rack-cache (~> 1.2)
      rack-test (~> 0.6.1)
      sprockets (~> 2.1.3)
    activemodel (3.2.8)
      activesupport (= 3.2.8)
      builder (~> 3.0.0)
    activerecord (3.2.8)
      activemodel (= 3.2.8)
      activesupport (= 3.2.8)
      arel (~> 3.0.2)
      tzinfo (~> 0.3.29)
    activeresource (3.2.8)
      activemodel (= 3.2.8)
      activesupport (= 3.2.8)
    activesupport (3.2.8)
      i18n (~> 0.6)
      multi_json (~> 1.0)
    addressable (2.3.2)
    arel (3.0.2)
    builder (3.0.0)
    capybara (1.1.2)
      mime-types (>= 1.16)
      nokogiri (>= 1.3.3)
      rack (>= 1.0.0)
      rack-test (>= 0.5.4)
      selenium-webdriver (~> 2.0)
      xpath (~> 0.1.4)
    childprocess (0.3.5)
      ffi (~> 1.0, >= 1.0.6)
    coffee-rails (3.2.2)
      coffee-script (>= 2.2.0)
      railties (~> 3.2.0)
    coffee-script (2.2.0)
      coffee-script-source
      execjs
    coffee-script-source (1.3.3)
    daemons (1.1.9)
    database_cleaner (0.8.0)
    diff-lcs (1.1.3)
    erubis (2.7.0)
    eventmachine (0.12.10)
    excon (0.16.2)
    execjs (1.4.0)
      multi_json (~> 1.0)
    faraday (0.8.4)
      multipart-post (~> 1.1)
    ffi (1.1.5)
    github_api (0.6.5)
      faraday (~> 0.8.1)
      hashie (~> 1.2.0)
      multi_json (~> 1.3)
      nokogiri (~> 1.5.2)
      oauth2
    haml (3.1.7)
    haml-rails (0.3.4)
      actionpack (~> 3.0)
      activesupport (~> 3.0)
      haml (~> 3.0)
      railties (~> 3.0)
    hashie (1.2.0)
    heroku (2.30.5)
      heroku-api (~> 0.3.4)
      launchy (>= 0.3.2)
      netrc (~> 0.7.7)
      rest-client (~> 1.6.1)
      rubyzip
    heroku-api (0.3.4)
      excon (~> 0.16.1)
    hike (1.2.1)
    httpauth (0.1)
    i18n (0.6.0)
    journey (1.0.4)
    jquery-rails (2.1.1)
      railties (>= 3.1.0, < 5.0)
      thor (~> 0.14)
    json (1.7.5)
    jwt (0.1.5)
      multi_json (>= 1.0)
    launchy (2.1.2)
      addressable (~> 2.3)
    libwebsocket (0.1.5)
      addressable
    mail (2.4.4)
      i18n (>= 0.4.0)
      mime-types (~> 1.16)
      treetop (~> 1.4.8)
    mime-types (1.19)
    mongoid (3.0.5)
      activemodel (~> 3.1)
      moped (~> 1.1)
      origin (~> 1.0)
      tzinfo (~> 0.3.22)
    moped (1.2.1)
    multi_json (1.3.6)
    multipart-post (1.1.5)
    netrc (0.7.7)
    nokogiri (1.5.5)
    oauth2 (0.8.0)
      faraday (~> 0.8)
      httpauth (~> 0.1)
      jwt (~> 0.1.4)
      multi_json (~> 1.0)
      rack (~> 1.2)
    origin (1.0.7)
    polyglot (0.3.3)
    rack (1.4.1)
    rack-cache (1.2)
      rack (>= 0.4)
    rack-ssl (1.3.2)
      rack
    rack-test (0.6.1)
      rack (>= 1.0)
    rails (3.2.8)
      actionmailer (= 3.2.8)
      actionpack (= 3.2.8)
      activerecord (= 3.2.8)
      activeresource (= 3.2.8)
      activesupport (= 3.2.8)
      bundler (~> 1.0)
      railties (= 3.2.8)
    railties (3.2.8)
      actionpack (= 3.2.8)
      activesupport (= 3.2.8)
      rack-ssl (~> 1.3.2)
      rake (>= 0.8.7)
      rdoc (~> 3.4)
      thor (>= 0.14.6, < 2.0)
    rake (0.9.2.2)
    rdoc (3.12)
      json (~> 1.4)
    rest-client (1.6.7)
      mime-types (>= 1.16)
    rspec (2.11.0)
      rspec-core (~> 2.11.0)
      rspec-expectations (~> 2.11.0)
      rspec-mocks (~> 2.11.0)
    rspec-core (2.11.1)
    rspec-expectations (2.11.2)
      diff-lcs (~> 1.1.3)
    rspec-mocks (2.11.2)
    rspec-rails (2.11.0)
      actionpack (>= 3.0)
      activesupport (>= 3.0)
      railties (>= 3.0)
      rspec (~> 2.11.0)
    rubyzip (0.9.9)
    sass (3.2.1)
    sass-rails (3.2.5)
      railties (~> 3.2.0)
      sass (>= 3.1.10)
      tilt (~> 1.3)
    selenium-webdriver (2.25.0)
      childprocess (>= 0.2.5)
      libwebsocket (~> 0.1.3)
      multi_json (~> 1.0)
      rubyzip
    simple_form (2.0.2)
      actionpack (~> 3.0)
      activemodel (~> 3.0)
    sprockets (2.1.3)
      hike (~> 1.2)
      rack (~> 1.0)
      tilt (~> 1.1, != 1.3.0)
    thin (1.4.1)
      daemons (>= 1.0.9)
      eventmachine (>= 0.12.6)
      rack (>= 1.0.0)
    thor (0.16.0)
    tilt (1.3.3)
    treetop (1.4.10)
      polyglot
      polyglot (>= 0.3.1)
    tzinfo (0.3.33)
    uglifier (1.2.7)
      execjs (>= 0.3.0)
      multi_json (~> 1.3)
    xpath (0.1.4)
      nokogiri (~> 1.3)

PLATFORMS
  ruby

DEPENDENCIES
  capybara
  coffee-rails
  daemons
  database_cleaner
  github_api
  haml-rails
  heroku
  jquery-rails
  mongoid
  rails (~> 3)
  rspec-rails
  sass-rails
  simple_form
  thin
  uglifier
